GEM
  remote: https://rubygems.org/
  specs:
    coderay (1.1.2)
    httparty (0.13.7)
      json (~> 1.8)
      multi_xml (>= 0.5.2)
    json (1.8.6)
    method_source (0.9.0)
    mini_portile2 (2.3.0)
    multi_xml (0.6.0)
    nokogiri (1.8.5)
      mini_portile2 (~> 2.3.0)
    pry (0.11.3)
      coderay (~> 1.1.0)
      method_source (~> 0.9.0)

PLATFORMS
  ruby

DEPENDENCIES
  httparty (~> 0.13.7)
  nokogiri (>= 1.6.7.rc)
  pry (~> 0.11.3)

BUNDLED WITH
   1.16.0
